GIT
  remote: git://github.com/avitus/spawn.git
  revision: beaf7937cae96985de42081272a95386b8e474a3
  branch: edge
  specs:
    spawn (1.2)

GIT
  remote: git://github.com/maccman/juggernaut.git
  revision: 4d8cc96d71a3a960d03aee256bd2ece953caf10a
  specs:
    juggernaut (2.1.1)
      redis

GIT
  remote: git://github.com/radar/forem.git
  revision: 9e15e572fba5afb0f7e4e011025aab1e9da863c5
  specs:
    forem (1.0.0.beta1)
      cancan
      forem-redcarpet (= 1.0.0)
      rails (~> 3.1)
      simple_form
      workflow (= 0.8.0)

GIT
  remote: git://github.com/ragaskar/action_mailer_cache_delivery.git
  revision: 20a2dd50e54fcb45ff38afa2cdfdc08d5b479c74
  specs:
    action_mailer_cache_delivery (0.1.0)

GIT
  remote: git://github.com/sandal/prawn
  revision: 857f13e919d1bd7120de1ea9ba0429620329865b
  submodules: true
  specs:
    prawn (1.0.0.rc1)
      pdf-reader (>= 0.9.0)
      ttfunk (~> 1.0.3)

GIT
  remote: git://github.com/sferik/rails_admin.git
  revision: 3da84442b6283f79327561062c19302659f67571
  specs:
    rails_admin (0.0.3)
      bbenezech-nested_form (~> 0.0.6)
      bootstrap-sass (~> 2.0, >= 2.0.3)
      builder (~> 3.0)
      coffee-rails (~> 3.1)
      haml (~> 3.1)
      jquery-rails (>= 1.0.17)
      jquery-ui-rails (~> 0.2.2)
      kaminari (~> 0.12)
      rack-pjax (~> 0.5)
      rails (~> 3.1)
      remotipart (~> 1.0)
      sass-rails (~> 3.1)

GEM
  remote: http://rubygems.org/
  specs:
    Ascii85 (1.0.1)
    aasm (2.2.0)
    actionmailer (3.2.2)
      actionpack (= 3.2.2)
      mail (~> 2.4.0)
    actionpack (3.2.2)
      activemodel (= 3.2.2)
      activesupport (= 3.2.2)
      builder (~> 3.0.0)
      erubis (~> 2.7.0)
      journey (~> 1.0.1)
      rack (~> 1.4.0)
      rack-cache (~> 1.1)
      rack-test (~> 0.6.1)
      sprockets (~> 2.1.2)
    activemodel (3.2.2)
      activesupport (= 3.2.2)
      builder (~> 3.0.0)
    activerecord (3.2.2)
      activemodel (= 3.2.2)
      activesupport (= 3.2.2)
      arel (~> 3.0.2)
      tzinfo (~> 0.3.29)
    activeresource (3.2.2)
      activemodel (= 3.2.2)
      activesupport (= 3.2.2)
    activesupport (3.2.2)
      i18n (~> 0.6)
      multi_json (~> 1.0)
    acts-as-taggable-on (2.2.2)
      rails (~> 3.0)
    addressable (2.2.8)
    airbrake (3.0.9)
      activesupport
      builder
    arel (3.0.2)
    bbenezech-nested_form (0.0.6)
    bcrypt-ruby (3.0.1)
    blankslate (2.1.2.4)
    bootstrap-sass (2.0.3)
    breadcrumbs_on_rails (2.2.0)
    builder (3.0.0)
    cancan (1.6.7)
    capistrano (2.12.0)
      highline
      net-scp (>= 1.0.0)
      net-sftp (>= 2.0.0)
      net-ssh (>= 2.0.14)
      net-ssh-gateway (>= 1.1.0)
    capybara (1.1.2)
      mime-types (>= 1.16)
      nokogiri (>= 1.3.3)
      rack (>= 1.0.0)
      rack-test (>= 0.5.4)
      selenium-webdriver (~> 2.0)
      xpath (~> 0.1.4)
    childprocess (0.3.2)
      ffi (~> 1.0.6)
    chunky_png (1.2.5)
    ckeditor (3.7.1)
      mime-types
      orm_adapter
    cocaine (0.2.1)
    coffee-rails (3.2.2)
      coffee-script (>= 2.2.0)
      railties (~> 3.2.0)
    coffee-script (2.2.0)
      coffee-script-source
      execjs
    coffee-script-source (1.3.3)
    compass (0.12.1)
      chunky_png (~> 1.2)
      fssm (>= 0.2.7)
      sass (~> 3.1)
    compass-rails (1.0.1)
      compass (~> 0.12.0)
    cucumber (1.0.6)
      builder (>= 2.1.2)
      diff-lcs (>= 1.1.2)
      gherkin (~> 2.4.18)
      json (>= 1.4.6)
      term-ansicolor (>= 1.0.6)
    cucumber-rails (1.0.2)
      capybara (>= 1.0.0)
      cucumber (~> 1.0.0)
      nokogiri (>= 1.4.6)
    database_cleaner (0.7.2)
    devise (2.1.0)
      bcrypt-ruby (~> 3.0)
      orm_adapter (~> 0.0.7)
      railties (~> 3.1)
      warden (~> 1.1.1)
    devise-encryptable (0.1.1)
      devise (>= 2.1.0.rc)
    diff-lcs (1.1.3)
    email_spec (1.2.1)
      mail (~> 2.2)
      rspec (~> 2.0)
    erubis (2.7.0)
    execjs (1.3.2)
      multi_json (~> 1.0)
    factory_girl (3.3.0)
      activesupport (>= 3.0.0)
    factory_girl_rails (3.3.0)
      factory_girl (~> 3.3.0)
      railties (>= 3.0.0)
    fancybox-rails (0.1.4)
      railties (>= 3.1.0)
    ffi (1.0.11)
    forem-redcarpet (1.0.0)
      pygments.rb (= 0.2.4)
      redcarpet (= 2.0.1)
    foreman (0.46.0)
      thor (>= 0.13.6)
    friendly_id (4.0.5)
    fssm (0.2.9)
    gherkin (2.4.21)
      json (>= 1.4.6)
    haml (3.1.6)
    highline (1.6.12)
    hike (1.2.1)
    hirb (0.6.2)
    hoe (3.0.6)
      rake (~> 0.8)
    hpricot (0.8.6)
    htmldiff (0.0.1)
    i18n (0.6.0)
    i18n-js (2.1.2)
      i18n
    jasmine (1.2.0)
      jasmine-core (>= 1.2.0)
      rack (~> 1.0)
      rspec (>= 1.3.1)
      selenium-webdriver (>= 0.1.3)
    jasmine-core (1.2.0)
    journey (1.0.3)
    jquery-rails (1.0.18)
      railties (~> 3.0)
      thor (~> 0.14)
    jquery-ui-rails (0.2.2)
      jquery-rails
      railties (>= 3.1.0)
    jruby-pageant (1.0.2)
    json (1.7.3)
    kaminari (0.13.0)
      actionpack (>= 3.0.0)
      activesupport (>= 3.0.0)
      railties (>= 3.0.0)
    launchy (2.1.0)
      addressable (~> 2.2.6)
    libv8 (3.3.10.4)
    libwebsocket (0.1.3)
      addressable
    mail (2.4.4)
      i18n (>= 0.4.0)
      mime-types (~> 1.16)
      treetop (~> 1.4.8)
    memcache-client (1.8.5)
    mime-types (1.18)
    multi_json (1.3.5)
    mysql2 (0.3.11)
    net-scp (1.0.4)
      net-ssh (>= 1.99.1)
    net-sftp (2.0.5)
      net-ssh (>= 2.0.9)
    net-ssh (2.4.0)
      jruby-pageant (>= 1.0.2)
    net-ssh-gateway (1.1.0)
      net-ssh (>= 1.99.1)
    newrelic_rpm (3.3.4.1)
    nokogiri (1.4.6)
    orm_adapter (0.0.7)
    paperclip (3.0.4)
      activemodel (>= 3.0.0)
      activerecord (>= 3.0.0)
      activesupport (>= 3.0.0)
      cocaine (>= 0.0.2)
      mime-types
    pdf-reader (1.1.1)
      Ascii85 (~> 1.0.0)
      ruby-rc4
    polyglot (0.3.3)
    prawnto_2 (0.2.5)
      prawn (>= 0.6.0)
      rails (>= 3.1)
    pygments.rb (0.2.4)
      rubypython (~> 0.5.3)
    rack (1.4.1)
    rack-cache (1.2)
      rack (>= 0.4)
    rack-pjax (0.5.9)
      hpricot (~> 0.8.6)
      rack (~> 1.3)
    rack-ssl (1.3.2)
      rack
    rack-test (0.6.1)
      rack (>= 1.0)
    rails (3.2.2)
      actionmailer (= 3.2.2)
      actionpack (= 3.2.2)
      activerecord (= 3.2.2)
      activeresource (= 3.2.2)
      activesupport (= 3.2.2)
      bundler (~> 1.0)
      railties (= 3.2.2)
    rails-footnotes (3.7.8)
      rails (>= 3.0.0)
    railties (3.2.2)
      actionpack (= 3.2.2)
      activesupport (= 3.2.2)
      rack-ssl (~> 1.3.2)
      rake (>= 0.8.7)
      rdoc (~> 3.4)
      thor (~> 0.14.6)
    rake (0.9.2.2)
    randumb (0.2.0)
    rdoc (3.12)
      json (~> 1.4)
    redcarpet (2.0.1)
    redis (2.2.2)
    remotipart (1.0.2)
    riddle (1.5.2)
    rinku (1.5.1)
    rspec (2.10.0)
      rspec-core (~> 2.10.0)
      rspec-expectations (~> 2.10.0)
      rspec-mocks (~> 2.10.0)
    rspec-core (2.10.0)
    rspec-expectations (2.10.0)
      diff-lcs (~> 1.1.3)
    rspec-mocks (2.10.1)
    rspec-rails (2.10.1)
      actionpack (>= 3.0)
      activesupport (>= 3.0)
      railties (>= 3.0)
      rspec (~> 2.10.0)
    ruby-openid (2.1.8)
    ruby-rc4 (0.1.5)
    rubypython (0.5.3)
      blankslate (>= 2.1.2.3)
      ffi (~> 1.0.7)
    rubyzip (0.9.8)
    sass (3.1.18)
    sass-rails (3.2.5)
      railties (~> 3.2.0)
      sass (>= 3.1.10)
      tilt (~> 1.3)
    selenium-webdriver (2.21.2)
      childprocess (>= 0.2.5)
      ffi (~> 1.0)
      libwebsocket (~> 0.1.3)
      multi_json (~> 1.0)
      rubyzip
    simple_form (2.0.2)
      actionpack (~> 3.0)
      activemodel (~> 3.0)
    sprockets (2.1.3)
      hike (~> 1.2)
      rack (~> 1.0)
      tilt (~> 1.1, != 1.3.0)
    sqlite3 (1.3.6)
    term-ansicolor (1.0.7)
    test-unit (1.2.3)
      hoe (>= 1.5.1)
    therubyracer (0.10.1)
      libv8 (~> 3.3.10)
    thinking-sphinx (2.0.12)
      activerecord (>= 3.0.3)
      builder (>= 2.1.2)
      riddle (>= 1.5.2)
    thor (0.14.6)
    tilt (1.3.3)
    treetop (1.4.10)
      polyglot
      polyglot (>= 0.3.1)
    ttfunk (1.0.3)
    tzinfo (0.3.33)
    uglifier (1.2.4)
      execjs (>= 0.3.0)
      multi_json (>= 1.0.2)
    warden (1.1.1)
      rack (>= 1.0)
    wirble (0.1.3)
    workflow (0.8.0)
    xpath (0.1.4)
      nokogiri (~> 1.3)

PLATFORMS
  ruby

DEPENDENCIES
  aasm (= 2.2.0)
  action_mailer_cache_delivery!
  acts-as-taggable-on
  airbrake
  breadcrumbs_on_rails (>= 2.0.0)
  cancan
  capistrano (>= 2.9.0)
  capybara (>= 1.1.2)
  ckeditor
  coffee-rails (~> 3.2.1)
  compass-rails
  cucumber-rails (>= 1.0.2)
  database_cleaner (>= 0.6.7)
  devise
  devise-encryptable
  email_spec
  factory_girl_rails (>= 1.2.0)
  fancybox-rails
  forem!
  foreman
  friendly_id
  hirb
  htmldiff
  i18n-js
  jasmine
  jquery-rails (= 1.0.18)
  json
  juggernaut (>= 2.1.0)!
  kaminari
  launchy (>= 2.0.5)
  mail (>= 2.2.15)
  memcache-client
  mysql2 (>= 0.3)
  newrelic_rpm (>= 3.3.0)
  nokogiri (= 1.4.6)
  paperclip
  prawn!
  prawnto_2
  rails (= 3.2.2)
  rails-footnotes (>= 3.7)
  rails_admin!
  randumb
  redis (>= 2.2.2)
  riddle
  rinku
  rspec-rails (>= 2.6.1)
  ruby-openid
  sass-rails (~> 3.2.3)
  spawn (>= 1.2)!
  sqlite3
  test-unit (= 1.2.3)
  therubyracer (>= 0.8.2)
  thinking-sphinx (>= 2.0.10)
  uglifier (>= 1.0.3)
  wirble
