GIT
  remote: git://github.com/jpfuentes2/spawn
  revision: a4a96cde092bb93ada9b3c236ec61c5c295d45ab
  specs:
    spawn (1.0.1)

GIT
  remote: git://github.com/maccman/juggernaut.git
  revision: 1e606b54a1b38e5e1a1a8b308a470ab4d3b9e395
  specs:
    juggernaut (2.0.1)
      redis

GIT
  remote: git://github.com/nesquena/query_reviewer.git
  revision: 257c0a038dbd2ea89768c46b80dd62a6f8b70a46
  specs:
    query_reviewer (0.1.3)

GIT
  remote: git://github.com/sandal/prawn
  revision: e37240d2d05010cbc47dbb4a61606348d993596c
  submodules: true
  specs:
    prawn (0.12.0)
      pdf-reader (>= 0.9.0)
      ttfunk (~> 1.0.2)

GIT
  remote: git://github.com/sferik/rails_admin.git
  revision: 1c99efce95c847a37e884f0fe3d875ff40332a6d
  specs:
    rails_admin (0.0.1)
      builder (~> 3.0.0)
      haml (>= 3.1.0, < 3.3.0)
      rails (~> 3.1.0)

GEM
  remote: http://rubygems.org/
  specs:
    Ascii85 (1.0.1)
    aasm (2.2.0)
    actionmailer (3.1.1)
      actionpack (= 3.1.1)
      mail (~> 2.3.0)
    actionpack (3.1.1)
      activemodel (= 3.1.1)
      activesupport (= 3.1.1)
      builder (~> 3.0.0)
      erubis (~> 2.7.0)
      i18n (~> 0.6)
      rack (~> 1.3.2)
      rack-cache (~> 1.1)
      rack-mount (~> 0.8.2)
      rack-test (~> 0.6.1)
      sprockets (~> 2.0.2)
    activemodel (3.1.1)
      activesupport (= 3.1.1)
      builder (~> 3.0.0)
      i18n (~> 0.6)
    activerecord (3.1.1)
      activemodel (= 3.1.1)
      activesupport (= 3.1.1)
      arel (~> 2.2.1)
      tzinfo (~> 0.3.29)
    activeresource (3.1.1)
      activemodel (= 3.1.1)
      activesupport (= 3.1.1)
    activesupport (3.1.1)
      multi_json (~> 1.0)
    acts-as-taggable-on (2.1.1)
      rails
    addressable (2.2.6)
    airbrake (3.0.4)
      activesupport
      builder
    arel (2.2.1)
    bcrypt-ruby (3.0.1)
    breadcrumbs_on_rails (2.0.0)
    builder (3.0.0)
    capistrano (2.8.0)
      highline
      net-scp (>= 1.0.0)
      net-sftp (>= 2.0.0)
      net-ssh (>= 2.0.14)
      net-ssh-gateway (>= 1.1.0)
    capybara (1.1.1)
      mime-types (>= 1.16)
      nokogiri (>= 1.3.3)
      rack (>= 1.0.0)
      rack-test (>= 0.5.4)
      selenium-webdriver (~> 2.0)
      xpath (~> 0.1.4)
    childprocess (0.2.2)
      ffi (~> 1.0.6)
    cocaine (0.2.0)
    coffee-rails (3.1.1)
      coffee-script (>= 2.2.0)
      railties (~> 3.1.0)
    coffee-script (2.2.0)
      coffee-script-source
      execjs
    coffee-script-source (1.1.2)
    color (1.4.1)
    cucumber (1.0.6)
      builder (>= 2.1.2)
      diff-lcs (>= 1.1.2)
      gherkin (~> 2.4.18)
      json (>= 1.4.6)
      term-ansicolor (>= 1.0.6)
    cucumber-rails (1.0.2)
      capybara (>= 1.0.0)
      cucumber (~> 1.0.0)
      nokogiri (>= 1.4.6)
    database_cleaner (0.6.7)
    devise (1.4.5)
      bcrypt-ruby (~> 3.0)
      orm_adapter (~> 0.0.3)
      warden (~> 1.0.3)
    diff-lcs (1.1.3)
    erubis (2.7.0)
    execjs (1.2.6)
      multi_json (~> 1.0)
    factory_girl (2.1.0)
    factory_girl_rails (1.2.0)
      factory_girl (~> 2.1.0)
      railties (>= 3.0.0)
    fancybox-rails (0.1.4)
      railties (>= 3.1.0)
    ffi (1.0.9)
    frontend-helpers (0.0.7)
      haml-rails (~> 0.3.4)
      rails (~> 3.1.0.rc4)
      sass-rails (~> 3.1.0.rc)
      sprockets (~> 2.0.0.beta.10)
    gherkin (2.4.18)
      json (>= 1.4.6)
    haml (3.1.3)
    haml-rails (0.3.4)
      actionpack (~> 3.0)
      activesupport (~> 3.0)
      haml (~> 3.0)
      railties (~> 3.0)
    highline (1.6.2)
    hike (1.2.1)
    hirb (0.5.0)
    hoe (2.12.3)
      rake (~> 0.8)
    htmldiff (0.0.1)
    i18n (0.6.0)
    i18n-js (1.1.0)
      i18n
    jquery-rails (1.0.14)
      railties (~> 3.0)
      thor (~> 0.14)
    json (1.6.1)
    json_pure (1.6.0)
    launchy (2.0.5)
      addressable (~> 2.2.6)
    libv8 (3.3.10.2)
    little-plugger (1.1.2)
    logging (1.6.1)
      little-plugger (>= 1.1.2)
    mail (2.3.0)
      i18n (>= 0.4.0)
      mime-types (~> 1.16)
      treetop (~> 1.4.8)
    memcache-client (1.8.5)
    mime-types (1.16)
    multi_json (1.0.3)
    mysql2 (0.3.7)
    net-scp (1.0.4)
      net-ssh (>= 1.99.1)
    net-sftp (2.0.5)
      net-ssh (>= 2.0.9)
    net-ssh (2.2.1)
    net-ssh-gateway (1.1.0)
      net-ssh (>= 1.99.1)
    newrelic_rpm (3.1.2)
    nokogiri (1.4.6)
    orm_adapter (0.0.5)
    paperclip (2.4.1)
      activerecord (>= 2.3.0)
      activesupport (>= 2.3.2)
      cocaine (>= 0.0.2)
      mime-types
    pdf-reader (0.10.0)
      Ascii85 (~> 1.0.0)
    polyglot (0.3.2)
    prawnto_2 (0.0.11)
      prawn (>= 0.12.0)
      rails (>= 3.1)
    rack (1.3.5)
    rack-cache (1.1)
      rack (>= 0.4)
    rack-mount (0.8.3)
      rack (>= 1.0.0)
    rack-ssl (1.3.2)
      rack
    rack-test (0.6.1)
      rack (>= 1.0)
    rails (3.1.1)
      actionmailer (= 3.1.1)
      actionpack (= 3.1.1)
      activerecord (= 3.1.1)
      activeresource (= 3.1.1)
      activesupport (= 3.1.1)
      bundler (~> 1.0)
      railties (= 3.1.1)
    rails-dev-tweaks (0.5.1)
      rails (~> 3.1.0)
    rails-footnotes (3.7.4)
      rails (>= 3.0.0)
    railties (3.1.1)
      actionpack (= 3.1.1)
      activesupport (= 3.1.1)
      rack-ssl (~> 1.3.2)
      rake (>= 0.8.7)
      rdoc (~> 3.4)
      thor (~> 0.14.6)
    rake (0.9.2.2)
    randumb (0.1.3)
    rdoc (3.11)
      json (~> 1.4)
    redis (2.2.2)
    riddle (1.4.0)
    rinku (1.2.2)
    rspec (2.6.0)
      rspec-core (~> 2.6.0)
      rspec-expectations (~> 2.6.0)
      rspec-mocks (~> 2.6.0)
    rspec-core (2.6.4)
    rspec-expectations (2.6.0)
      diff-lcs (~> 1.1.2)
    rspec-mocks (2.6.0)
    rspec-rails (2.6.1)
      actionpack (~> 3.0)
      activesupport (~> 3.0)
      railties (~> 3.0)
      rspec (~> 2.6.0)
    ruby-openid (2.1.8)
    rubyzip (0.9.4)
    sass (3.1.10)
    sass-rails (3.1.5.rc.1)
      actionpack (~> 3.1.0)
      railties (~> 3.1.0)
      sass (~> 3.1.10)
      sprockets (~> 2.0.0)
      tilt (~> 1.3.2)
    selenium-webdriver (2.6.0)
      childprocess (>= 0.2.1)
      ffi (>= 1.0.7)
      json_pure
      rubyzip
    sprockets (2.0.3)
      hike (~> 1.2)
      rack (~> 1.0)
      tilt (~> 1.1, != 1.3.0)
    sqlite3 (1.3.4)
    term-ansicolor (1.0.6)
    test-unit (1.2.3)
      hoe (>= 1.5.1)
    therubyracer (0.9.8)
      libv8 (~> 3.3.10)
    thinking-sphinx (2.0.9)
      activerecord (>= 3.0.3)
      builder (>= 2.1.2)
      riddle (>= 1.3.3)
    thor (0.14.6)
    tilt (1.3.3)
    treetop (1.4.10)
      polyglot
      polyglot (>= 0.3.1)
    ttfunk (1.0.2)
    tzinfo (0.3.30)
    uglifier (1.0.3)
      execjs (>= 0.3.0)
      multi_json (>= 1.0.2)
    warden (1.0.5)
      rack (>= 1.0)
    will_paginate (3.0.0)
    wirble (0.1.3)
    xpath (0.1.4)
      nokogiri (~> 1.3)
    ziya (2.3.0)

PLATFORMS
  ruby

DEPENDENCIES
  aasm (= 2.2.0)
  acts-as-taggable-on
  airbrake
  breadcrumbs_on_rails (>= 2.0.0)
  builder
  capistrano
  capybara (>= 1.1.1)
  coffee-rails (~> 3.1.1)
  color
  cucumber-rails (>= 1.0.2)
  database_cleaner (>= 0.6.7)
  devise (>= 1.4.5)
  factory_girl_rails (>= 1.2.0)
  fancybox-rails
  frontend-helpers
  hirb
  htmldiff
  i18n-js
  jquery-rails
  json
  juggernaut (>= 2.0.1)!
  launchy (>= 2.0.5)
  logging
  mail (>= 2.2.15)
  memcache-client
  mysql2 (>= 0.3)
  newrelic_rpm (>= 3.0.0)
  nokogiri (= 1.4.6)
  paperclip
  prawn!
  prawnto_2
  query_reviewer!
  rails (= 3.1.1)
  rails-dev-tweaks (~> 0.5.1)
  rails-footnotes (>= 3.7)
  rails_admin!
  randumb
  redis (>= 2.2.0)
  riddle
  rinku
  rspec-rails (>= 2.6.1)
  ruby-openid
  sass-rails (~> 3.1.4)
  spawn!
  sqlite3
  test-unit (= 1.2.3)
  therubyracer (>= 0.8.2)
  thinking-sphinx (>= 2.0.9)
  uglifier (>= 1.0.3)
  will_paginate (~> 3.0)
  wirble
  ziya (>= 2.3.0)
