GIT
  remote: https://github.com/ChallahuAkbar/fancybox2-rails.git
  revision: 3669cdfb51f8c1dfaf86adf90ae98561c0256b15
  specs:
    fancybox2-rails (0.3.0)
      railties (>= 4.2.0, < 6.0)

GIT
  remote: https://github.com/NBuhinicek/rocket_pants.git
  revision: 57928bd083badc27b2c1690868bf47469e419fe9
  specs:
    rocket_pants (1.13.1)
      actionpack (>= 3.0, < 6.0)
      api_smith
      hashie (>= 1.0, < 4)
      moneta
      railties (>= 3.0, < 6.0)
      will_paginate (~> 3.0)

GIT
  remote: https://github.com/avitus/bloggity.git
  revision: 0d40daf7df16683f4975f535b3c0a5e735e76b29
  specs:
    bloggity (0.2.27)
      jquery-rails
      rails (>= 5.0)

GIT
  remote: https://github.com/galetahub/ckeditor.git
  revision: 4385f23b90f84c25f7b912bd75c233c8f27b5f58
  specs:
    ckeditor (5.0.0)
      orm_adapter (~> 0.5.0)

GIT
  remote: https://github.com/kayle/omniauth-windowslive.git
  revision: 505aa60147ce548a5c21cc03cc323bfd37361d71
  specs:
    omniauth-windowslive (0.0.8.1)
      multi_json (>= 1.0.3)
      omniauth-oauth2 (~> 1.0)

GIT
  remote: https://github.com/youroute/api_smith.git
  revision: 1fb428cebc17b9afab25ac9f809bde87b0ec315b
  specs:
    api_smith (1.3.0)
      hashie (>= 1.0, < 4.0)
      httparty

GEM
  remote: http://rubygems.org/
  specs:
    action_mailer_cache_delivery (0.3.7)
      actionmailer (>= 3.0)
    actioncable (5.2.3)
      actionpack (= 5.2.3)
      nio4r (~> 2.0)
      websocket-driver (>= 0.6.1)
    actionmailer (5.2.3)
      actionpack (= 5.2.3)
      actionview (= 5.2.3)
      activejob (= 5.2.3)
      mail (~> 2.5, >= 2.5.4)
      rails-dom-testing (~> 2.0)
    actionpack (5.2.3)
      actionview (= 5.2.3)
      activesupport (= 5.2.3)
      rack (~> 2.0)
      rack-test (>= 0.6.3)
      rails-dom-testing (~> 2.0)
      rails-html-sanitizer (~> 1.0, >= 1.0.2)
    actionview (5.2.3)
      activesupport (= 5.2.3)
      builder (~> 3.1)
      erubi (~> 1.4)
      rails-dom-testing (~> 2.0)
      rails-html-sanitizer (~> 1.0, >= 1.0.3)
    active_record_union (1.3.0)
      activerecord (>= 4.0)
    activejob (5.2.3)
      activesupport (= 5.2.3)
      globalid (>= 0.3.6)
    activemodel (5.2.3)
      activesupport (= 5.2.3)
    activerecord (5.2.3)
      activemodel (= 5.2.3)
      activesupport (= 5.2.3)
      arel (>= 9.0)
    activestorage (5.2.3)
      actionpack (= 5.2.3)
      activerecord (= 5.2.3)
      marcel (~> 0.3.1)
    activesupport (5.2.3)
      concurrent-ruby (~> 1.0, >= 1.0.2)
      i18n (>= 0.7, < 2)
      minitest (~> 5.1)
      tzinfo (~> 1.1)
    acts-as-taggable-on (6.0.0)
      activerecord (~> 5.0)
    addressable (2.6.0)
      public_suffix (>= 2.0.2, < 4.0)
    airbrussh (1.3.2)
      sshkit (>= 1.6.1, != 1.7.0)
    arel (9.0.0)
    ast (2.4.0)
    autoprefixer-rails (9.6.1)
      execjs
    babel-source (5.8.35)
    babel-transpiler (0.7.0)
      babel-source (>= 4.0, < 6)
      execjs (~> 2.0)
    backports (3.15.0)
    bcrypt (3.1.13)
    best_in_place (3.1.1)
      actionpack (>= 3.2)
      railties (>= 3.2)
    better_errors (2.5.1)
      coderay (>= 1.0.0)
      erubi (>= 1.0.0)
      rack (>= 0.9.0)
    bindex (0.8.1)
    binding_of_caller (0.8.0)
      debug_inspector (>= 0.0.1)
    brakeman (4.5.1)
    breadcrumbs_on_rails (3.0.1)
    builder (3.2.3)
    byebug (11.0.1)
    cancancan (1.17.0)
    capistrano (3.11.0)
      airbrussh (>= 1.0.0)
      i18n
      rake (>= 10.0.0)
      sshkit (>= 1.9.0)
    capistrano-bundler (1.6.0)
      capistrano (~> 3.1)
    capistrano-rails (1.4.0)
      capistrano (~> 3.1)
      capistrano-bundler (~> 1.1)
    capistrano-rvm (0.1.2)
      capistrano (~> 3.0)
      sshkit (~> 1.2)
    capistrano-sidekiq (1.0.2)
      capistrano (>= 3.9.0)
      sidekiq (>= 3.4)
    capybara (3.25.0)
      addressable
      mini_mime (>= 0.1.3)
      nokogiri (~> 1.8)
      rack (>= 1.6.0)
      rack-test (>= 0.6.3)
      regexp_parser (~> 1.5)
      xpath (~> 3.2)
    childprocess (1.0.1)
      rake (< 13.0)
    chunky_png (1.3.11)
    climate_control (0.2.0)
    coderay (1.1.2)
    coffee-rails (4.2.2)
      coffee-script (>= 2.2.0)
      railties (>= 4.0.0)
    coffee-script (2.4.1)
      coffee-script-source
      execjs
    coffee-script-source (1.12.2)
    compass (1.0.3)
      chunky_png (~> 1.2)
      compass-core (~> 1.0.2)
      compass-import-once (~> 1.0.5)
      rb-fsevent (>= 0.9.3)
      rb-inotify (>= 0.9)
      sass (>= 3.3.13, < 3.5)
    compass-core (1.0.3)
      multi_json (~> 1.0)
      sass (>= 3.3.0, < 3.5)
    compass-import-once (1.0.5)
      sass (>= 3.2, < 3.5)
    compass-rails (3.1.0)
      compass (~> 1.0.0)
      sass-rails (< 5.1)
      sprockets (< 4.0)
    concurrent-ruby (1.0.5)
    concurrent-ruby-edge (0.3.1)
      concurrent-ruby (= 1.0.5)
    connection_pool (2.2.2)
    crass (1.0.4)
    cucumber (3.1.2)
      builder (>= 2.1.2)
      cucumber-core (~> 3.2.0)
      cucumber-expressions (~> 6.0.1)
      cucumber-wire (~> 0.0.1)
      diff-lcs (~> 1.3)
      gherkin (~> 5.1.0)
      multi_json (>= 1.7.5, < 2.0)
      multi_test (>= 0.1.2)
    cucumber-core (3.2.1)
      backports (>= 3.8.0)
      cucumber-tag_expressions (~> 1.1.0)
      gherkin (~> 5.0)
    cucumber-expressions (6.0.1)
    cucumber-rails (1.7.0)
      capybara (>= 2.3.0, < 4)
      cucumber (>= 3.0.2, < 4)
      mime-types (>= 1.17, < 4)
      nokogiri (~> 1.8)
      railties (>= 4.2, < 7)
    cucumber-tag_expressions (1.1.1)
    cucumber-wire (0.0.1)
    dalli (2.7.10)
    database_cleaner (1.7.0)
    db_text_search (0.2.2)
      activerecord (>= 4.1.15, < 6.0)
    debug_inspector (0.0.3)
    devise (4.6.2)
      bcrypt (~> 3.0)
      orm_adapter (~> 0.1)
      railties (>= 4.1.0, < 6.0)
      responders
      warden (~> 1.2.3)
    devise-encryptable (0.2.0)
      devise (>= 2.1.0)
    diff-lcs (1.3)
    doorkeeper (5.1.0)
      railties (>= 5)
    dropbox-sdk (1.6.5)
      json
    dry-configurable (0.8.3)
      concurrent-ruby (~> 1.0)
      dry-core (~> 0.4, >= 0.4.7)
    dry-container (0.7.2)
      concurrent-ruby (~> 1.0)
      dry-configurable (~> 0.1, >= 0.1.3)
    dry-core (0.4.8)
      concurrent-ruby (~> 1.0)
    dry-equalizer (0.2.2)
    dry-inflector (0.1.2)
    dry-logic (0.6.1)
      concurrent-ruby (~> 1.0)
      dry-core (~> 0.2)
      dry-equalizer (~> 0.2)
    dry-types (0.14.1)
      concurrent-ruby (~> 1.0)
      dry-container (~> 0.3)
      dry-core (~> 0.4, >= 0.4.4)
      dry-equalizer (~> 0.2)
      dry-inflector (~> 0.1, >= 0.1.2)
      dry-logic (~> 0.5, >= 0.5)
    dry-validation (0.13.3)
      concurrent-ruby (~> 1.0)
      dry-configurable (~> 0.1, >= 0.1.3)
      dry-core (~> 0.2, >= 0.2.1)
      dry-equalizer (~> 0.2)
      dry-logic (~> 0.5, >= 0.5.0)
      dry-types (~> 0.14.0)
    email_spec (2.2.0)
      htmlentities (~> 4.3.3)
      launchy (~> 2.1)
      mail (~> 2.7)
    erubi (1.8.0)
    et-orbi (1.2.1)
      tzinfo
    execjs (2.7.0)
    factory_bot (5.0.2)
      activesupport (>= 4.2.0)
    factory_bot_rails (5.0.2)
      factory_bot (~> 5.0.2)
      railties (>= 4.2.0)
    faker (1.9.6)
      i18n (>= 0.7)
    faraday (0.15.4)
      multipart-post (>= 1.2, < 3)
    ffi (1.11.1)
    fluent-logger (0.8.1)
      msgpack (>= 1.0.0, < 2)
    font-awesome-rails (4.7.0.5)
      railties (>= 3.2, < 6.1)
    foreman (0.85.0)
      thor (~> 0.19.1)
    formatador (0.2.5)
    friendly_id (5.2.5)
      activerecord (>= 4.0.0)
    fugit (1.2.2)
      et-orbi (~> 1.1, >= 1.1.8)
      raabro (~> 1.1)
    gemoji (2.1.0)
    gherkin (5.1.0)
    globalid (0.4.2)
      activesupport (>= 4.2.0)
    guard (2.15.0)
      formatador (>= 0.2.4)
      listen (>= 2.7, < 4.0)
      lumberjack (>= 1.0.12, < 2.0)
      nenv (~> 0.1)
      notiffany (~> 0.0)
      pry (>= 0.9.12)
      shellany (~> 0.0)
      thor (>= 0.18.1)
    guard-compat (1.2.1)
    guard-cucumber (1.5.4)
      cucumber (>= 1.3.0)
      guard-compat (~> 1.0)
      nenv (~> 0.1)
    guard-jasmine (3.1.0)
      childprocess (~> 1.0)
      guard (~> 2.14)
      guard-compat (~> 1.2)
      jasmine (~> 3.1)
      multi_json (~> 1.12)
      thor (~> 0.19)
      tilt
    guard-minitest (2.4.6)
      guard-compat (~> 1.2)
      minitest (>= 3.0)
    guard-rspec (4.7.3)
      guard (~> 2.1)
      guard-compat (~> 1.1)
      rspec (>= 2.99.0, < 4.0)
    guard-spork (2.1.0)
      childprocess (>= 0.2.3)
      guard (~> 2.0)
      guard-compat (~> 1.0)
      spork (>= 0.8.4)
    haml (5.1.1)
      temple (>= 0.8.0)
      tilt
    hashie (3.6.0)
    hirb (0.7.3)
    html-pipeline (2.11.0)
      activesupport (>= 2)
      nokogiri (>= 1.4)
    htmlentities (4.3.4)
    http-2 (0.10.1)
    httparty (0.17.0)
      mime-types (~> 3.0)
      multi_xml (>= 0.5.2)
    httpclient (2.8.3)
    i18n (1.6.0)
      concurrent-ruby (~> 1.0)
    i18n-js (3.3.0)
      i18n (>= 0.6.6)
    ice_cube (0.16.3)
    inline_svg (1.5.2)
      activesupport (>= 3.0)
      nokogiri (>= 1.6)
    innertube (1.1.0)
    jaro_winkler (1.5.3)
    jasmine (3.4.0)
      jasmine-core (~> 3.4.0)
      phantomjs
      rack (>= 1.2.1)
      rake
    jasmine-core (3.4.0)
    jbuilder (2.9.1)
      activesupport (>= 4.2.0)
    joiner (0.4.2)
      activerecord (>= 5.2.beta1)
    jquery-rails (4.3.5)
      rails-dom-testing (>= 1, < 3)
      railties (>= 4.2.0)
      thor (>= 0.14, < 2.0)
    jquery-ui-rails (6.0.1)
      railties (>= 3.2.16)
    json (2.2.0)
    jwt (2.2.1)
    kaminari (1.1.1)
      activesupport (>= 4.1.0)
      kaminari-actionview (= 1.1.1)
      kaminari-activerecord (= 1.1.1)
      kaminari-core (= 1.1.1)
    kaminari-actionview (1.1.1)
      actionview
      kaminari-core (= 1.1.1)
    kaminari-activerecord (1.1.1)
      activerecord
      kaminari-core (= 1.1.1)
    kaminari-core (1.1.1)
    kramdown (2.1.0)
    launchy (2.4.3)
      addressable (~> 2.3)
    listen (3.1.5)
      rb-fsevent (~> 0.9, >= 0.9.4)
      rb-inotify (~> 0.9, >= 0.9.7)
      ruby_dep (~> 1.2)
    loofah (2.2.3)
      crass (~> 1.0.2)
      nokogiri (>= 1.5.9)
    lumberjack (1.0.13)
    mail (2.7.1)
      mini_mime (>= 0.1.1)
    marcel (0.3.3)
      mimemagic (~> 0.3.2)
    method_source (0.9.2)
    middleware (0.1.0)
    mime-types (3.2.2)
      mime-types-data (~> 3.2015)
    mime-types-data (3.2019.0331)
    mimemagic (0.3.3)
    mini_mime (1.0.2)
    mini_portile2 (2.4.0)
    minitest (5.11.3)
    moneta (1.1.1)
    msgpack (1.3.0)
    multi_json (1.13.1)
    multi_test (0.1.2)
    multi_xml (0.6.0)
    multipart-post (2.1.1)
    mustache (1.1.0)
    mysql2 (0.5.2)
    nenv (0.3.0)
    nested_form (0.3.2)
    net-http-persistent (3.0.1)
      connection_pool (~> 2.2)
    net-http2 (0.18.2)
      http-2 (~> 0.10.1)
    net-scp (2.0.0)
      net-ssh (>= 2.6.5, < 6.0.0)
    net-ssh (5.2.0)
    newrelic_rpm (6.5.0.357)
    nio4r (2.4.0)
    nokogiri (1.10.3)
      mini_portile2 (~> 2.4.0)
    nokogumbo (2.0.1)
      nokogiri (~> 1.8, >= 1.8.4)
    notiffany (0.1.1)
      nenv (~> 0.1)
      shellany (~> 0.0)
    oauth2 (1.4.1)
      faraday (>= 0.8, < 0.16.0)
      jwt (>= 1.0, < 3.0)
      multi_json (~> 1.3)
      multi_xml (~> 0.5)
      rack (>= 1.2, < 3)
    omniauth (1.9.0)
      hashie (>= 3.4.6, < 3.7.0)
      rack (>= 1.6.2, < 3)
    omniauth-oauth2 (1.6.0)
      oauth2 (~> 1.1)
      omniauth (~> 1.9)
    onebox (1.9.2)
      htmlentities (~> 4.3)
      moneta (~> 1.0)
      multi_json (~> 1.11)
      mustache
      nokogiri (~> 1.7)
      sanitize
    orm_adapter (0.5.0)
    paperclip (6.1.0)
      activemodel (>= 4.2.0)
      activesupport (>= 4.2.0)
      mime-types
      mimemagic (~> 0.3.0)
      terrapin (~> 0.6.0)
    parallel (1.17.0)
    parser (2.6.3.0)
      ast (~> 2.4.0)
    pdf-core (0.7.0)
    phantomjs (2.1.1.0)
    prawn (2.2.2)
      pdf-core (~> 0.7.0)
      ttfunk (~> 1.5)
    prawnto_2 (0.3.0)
      prawn (>= 1.0.0)
      rails (>= 3.2)
    pry (0.12.2)
      coderay (~> 1.1.0)
      method_source (~> 0.9.0)
    public_suffix (3.1.1)
    pubnub (4.1.2)
      concurrent-ruby (~> 1.0.5)
      concurrent-ruby-edge (~> 0.3.1)
      dry-validation (~> 0.10)
      httpclient (~> 2.8, >= 2.8.3)
      json (>= 1.8, < 3)
      timers (>= 4.1.1)
    puma (4.0.1)
      nio4r (~> 2.0)
    pundit (2.0.1)
      activesupport (>= 3.0.0)
    raabro (1.1.6)
    rack (2.0.7)
    rack-pjax (1.1.0)
      nokogiri (~> 1.5)
      rack (>= 1.1)
    rack-protection (2.0.5)
      rack
    rack-test (1.1.0)
      rack (>= 1.0, < 3)
    rack-utf8_sanitizer (1.6.0)
      rack (>= 1.0, < 3.0)
    rails (5.2.3)
      actioncable (= 5.2.3)
      actionmailer (= 5.2.3)
      actionpack (= 5.2.3)
      actionview (= 5.2.3)
      activejob (= 5.2.3)
      activemodel (= 5.2.3)
      activerecord (= 5.2.3)
      activestorage (= 5.2.3)
      activesupport (= 5.2.3)
      bundler (>= 1.3.0)
      railties (= 5.2.3)
      sprockets-rails (>= 2.0.0)
    rails-controller-testing (1.0.4)
      actionpack (>= 5.0.1.x)
      actionview (>= 5.0.1.x)
      activesupport (>= 5.0.1.x)
    rails-dom-testing (2.0.3)
      activesupport (>= 4.2.0)
      nokogiri (>= 1.6)
    rails-footnotes (4.1.8)
      rails (>= 3.2)
    rails-html-sanitizer (1.0.4)
      loofah (~> 2.2, >= 2.2.2)
    rails-observers (0.1.5)
      activemodel (>= 4.0)
    rails_admin (1.4.2)
      builder (~> 3.1)
      coffee-rails (~> 4.0)
      font-awesome-rails (>= 3.0, < 5)
      haml (>= 4.0, < 6)
      jquery-rails (>= 3.0, < 5)
      jquery-ui-rails (>= 5.0, < 7)
      kaminari (>= 0.14, < 2.0)
      nested_form (~> 0.3)
      rack-pjax (>= 0.7)
      rails (>= 4.0, < 6)
      remotipart (~> 1.3)
      sass-rails (>= 4.0, < 6)
    railties (5.2.3)
      actionpack (= 5.2.3)
      activesupport (= 5.2.3)
      method_source
      rake (>= 0.8.7)
      thor (>= 0.19.0, < 2.0)
    rainbow (3.0.0)
    rake (12.3.2)
    randumb (0.5.2)
      activerecord (>= 3.0.20)
      activesupport (>= 3.0.20)
      rake
    rb-fsevent (0.10.3)
    rb-gravatar (1.0.5)
    rb-inotify (0.10.0)
      ffi (~> 1.0)
    redis (4.1.2)
    regexp_parser (1.5.1)
    remotipart (1.4.3)
    responders (2.4.1)
      actionpack (>= 4.2.0, < 6.0)
      railties (>= 4.2.0, < 6.0)
    riddle (2.3.2)
    rinku (2.0.6)
    rpush (4.1.1)
      activesupport
      jwt (>= 1.5.6)
      multi_json (~> 1.0)
      net-http-persistent
      net-http2 (~> 0.14)
      railties
      rainbow
      thor (>= 0.18.1, < 2.0)
    rspec (3.8.0)
      rspec-core (~> 3.8.0)
      rspec-expectations (~> 3.8.0)
      rspec-mocks (~> 3.8.0)
    rspec-core (3.8.2)
      rspec-support (~> 3.8.0)
    rspec-expectations (3.8.4)
      diff-lcs (>= 1.2.0, < 2.0)
      rspec-support (~> 3.8.0)
    rspec-mocks (3.8.1)
      diff-lcs (>= 1.2.0, < 2.0)
      rspec-support (~> 3.8.0)
    rspec-rails (3.8.2)
      actionpack (>= 3.0)
      activesupport (>= 3.0)
      railties (>= 3.0)
      rspec-core (~> 3.8.0)
      rspec-expectations (~> 3.8.0)
      rspec-mocks (~> 3.8.0)
      rspec-support (~> 3.8.0)
    rspec-support (3.8.2)
    rspec_junit_formatter (0.4.1)
      rspec-core (>= 2, < 4, != 2.12.0)
    rubocop (0.72.0)
      jaro_winkler (~> 1.5.1)
      parallel (~> 1.10)
      parser (>= 2.6)
      rainbow (>= 2.2.2, < 4.0)
      ruby-progressbar (~> 1.7)
      unicode-display_width (>= 1.4.0, < 1.7)
    rubocop-rspec (1.33.0)
      rubocop (>= 0.60.0)
    ruby-progressbar (1.10.1)
    ruby_dep (1.5.0)
    rubyzip (1.2.3)
    rufus-scheduler (3.6.0)
      fugit (~> 1.1, >= 1.1.6)
    sanitize (5.0.0)
      crass (~> 1.0.2)
      nokogiri (>= 1.8.0)
      nokogumbo (~> 2.0)
    sass (3.4.25)
    sass-rails (5.0.7)
      railties (>= 4.0.0, < 6)
      sass (~> 3.1)
      sprockets (>= 2.8, < 4.0)
      sprockets-rails (>= 2.0, < 4.0)
      tilt (>= 1.1, < 3)
    selenium-webdriver (3.142.3)
      childprocess (>= 0.5, < 2.0)
      rubyzip (~> 1.2, >= 1.2.2)
    sentry-raven (2.9.0)
      faraday (>= 0.7.6, < 1.0)
    shellany (0.0.1)
    sidekiq (5.2.7)
      connection_pool (~> 2.2, >= 2.2.2)
      rack (>= 1.5.0)
      rack-protection (>= 1.5.0)
      redis (>= 3.3.5, < 5)
    sidekiq-cron (0.6.3)
      rufus-scheduler (>= 3.3.0)
      sidekiq (>= 4.2.1)
    sitemap_generator (6.0.2)
      builder (~> 3.0)
    spork (0.9.2)
    spring (2.1.0)
    sprockets (3.7.2)
      concurrent-ruby (~> 1.0)
      rack (> 1, < 3)
    sprockets-es6 (0.9.2)
      babel-source (>= 5.8.11)
      babel-transpiler
      sprockets (>= 3.0.0)
    sprockets-rails (3.2.1)
      actionpack (>= 4.0)
      activesupport (>= 4.0)
      sprockets (>= 3.0.0)
    sqlite3 (1.4.1)
    sshkit (1.19.1)
      net-scp (>= 1.1.2)
      net-ssh (>= 2.8.0)
    swagger-blocks (2.0.2)
    td (0.16.4)
      hirb (>= 0.4.5)
      msgpack
      parallel (~> 1.8)
      ruby-progressbar (~> 1.7)
      rubyzip (>= 1.2.1)
      td-client (>= 1.0.6, < 2)
      td-logger (>= 0.3.21, < 2)
      yajl-ruby (~> 1.1)
      zip-zip (~> 0.3)
    td-client (1.0.7)
      httpclient (>= 2.7)
      msgpack (>= 0.5.6, < 2)
    td-logger (0.3.27)
      fluent-logger (>= 0.5.0, < 2.0)
      msgpack (>= 0.5.6, < 2.0)
      td-client (>= 0.8.66, < 2.0)
    temple (0.8.1)
    terrapin (0.6.0)
      climate_control (>= 0.0.3, < 1.0)
    thinking-sphinx (4.3.2)
      activerecord (>= 3.1.0)
      builder (>= 2.1.2)
      innertube (>= 1.0.2)
      joiner (>= 0.2.0)
      middleware (>= 0.1.0)
      riddle (~> 2.3)
    thor (0.19.4)
    thread_safe (0.3.6)
    thredded (0.14.4)
      active_record_union (>= 1.3.0)
      autoprefixer-rails
      db_text_search (~> 0.2.0)
      friendly_id
      gemoji (~> 2.1.0)
      html-pipeline
      htmlentities
      inline_svg
      kaminari
      kramdown
      nokogiri
      onebox (~> 1.8, >= 1.8.13)
      pundit (>= 1.1.0)
      rails (>= 4.2.10)
      rb-gravatar
      rinku
      sanitize
      sass (>= 3.4.21)
      sprockets-es6
      timeago_js
    tilt (2.0.9)
    timeago_js (3.0.2)
    timers (4.3.0)
    ttfunk (1.5.1)
    tzinfo (1.2.5)
      thread_safe (~> 0.1)
    uglifier (4.1.20)
      execjs (>= 0.3.0, < 3)
    unicode-display_width (1.6.0)
    warden (1.2.8)
      rack (>= 2.0.6)
    web-console (3.7.0)
      actionview (>= 5.0)
      activemodel (>= 5.0)
      bindex (>= 0.4.0)
      railties (>= 5.0)
    websocket-driver (0.7.1)
      websocket-extensions (>= 0.1.0)
    websocket-extensions (0.1.4)
    will_paginate (3.1.7)
    wirble (0.1.3)
    xpath (3.2.0)
      nokogiri (~> 1.8)
    yajl-ruby (1.4.1)
    zip-zip (0.3)
      rubyzip (>= 1.0.0)

PLATFORMS
  ruby

DEPENDENCIES
  action_mailer_cache_delivery (>= 0.3.5)
  acts-as-taggable-on
  api_smith (~> 1.3)!
  best_in_place
  better_errors
  binding_of_caller
  bloggity!
  brakeman
  breadcrumbs_on_rails (>= 2.0.0)
  byebug
  cancancan (~> 1.10)
  capistrano (~> 3.8)
  capistrano-rails
  capistrano-rvm
  capistrano-sidekiq
  capybara
  ckeditor!
  coffee-rails (~> 4.2)
  compass-rails
  cucumber-rails
  dalli
  database_cleaner
  devise
  devise-encryptable
  doorkeeper
  dropbox-sdk
  email_spec
  factory_bot_rails
  faker
  fancybox2-rails (~> 0.3.0)!
  foreman
  friendly_id
  guard (>= 0.6.2)
  guard-cucumber
  guard-jasmine
  guard-minitest
  guard-rspec
  guard-spork
  hirb
  i18n-js (>= 3.0.0.rc11)
  ice_cube
  jasmine
  jbuilder
  jquery-rails
  jquery-ui-rails
  json
  kaminari
  launchy (>= 2.0.5)
  mail (>= 2.2.15)
  mysql2 (>= 0.4)
  newrelic_rpm (>= 3.3.0)
  nokogiri (>= 1.5.0)
  omniauth
  omniauth-windowslive!
  paperclip
  prawn
  prawnto_2
  pubnub
  puma
  rack-utf8_sanitizer
  rails (~> 5.1)
  rails-controller-testing
  rails-footnotes (>= 3.7)
  rails-observers
  rails_admin
  randumb
  redis (~> 4.0)
  responders (~> 2.4)
  rinku
  rocket_pants!
  rpush
  rspec-rails
  rspec_junit_formatter
  rubocop-rspec
  sass-rails (~> 5.0)
  selenium-webdriver
  sentry-raven
  sidekiq
  sidekiq-cron (~> 0.6.3)
  sitemap_generator
  spring
  sqlite3
  swagger-blocks
  td
  thinking-sphinx
  thredded (~> 0.14.0)
  uglifier (>= 1.3.0)
  web-console
  wirble

RUBY VERSION
   ruby 2.4.3p205

BUNDLED WITH
   1.17.3
