GIT
  remote: git://github.com/rails/prototype_legacy_helper.git
  revision: a2cd95c3e3c1a4f7a9566efdab5ce59c886cb05f
  specs:
    prototype_legacy_helper (0.0.0)

GIT
  remote: git://github.com/sandal/prawn
  revision: 89ba0ebf7ac3705756330a25ab4c88e4c71e36d8
  tag: 0.10.2
  submodules: true
  specs:
    prawn (0.10.2)
      pdf-reader (>= 0.8.1)

GEM
  remote: http://rubygems.org/
  specs:
    Ascii85 (1.0.0)
    aasm (2.2.0)
    abstract (1.0.0)
    actionmailer (3.0.3)
      actionpack (= 3.0.3)
      mail (~> 2.2.9)
    actionpack (3.0.3)
      activemodel (= 3.0.3)
      activesupport (= 3.0.3)
      builder (~> 2.1.2)
      erubis (~> 2.6.6)
      i18n (~> 0.4)
      rack (~> 1.2.1)
      rack-mount (~> 0.6.13)
      rack-test (~> 0.5.6)
      tzinfo (~> 0.3.23)
    activemodel (3.0.3)
      activesupport (= 3.0.3)
      builder (~> 2.1.2)
      i18n (~> 0.4)
    activerecord (3.0.3)
      activemodel (= 3.0.3)
      activesupport (= 3.0.3)
      arel (~> 2.0.2)
      tzinfo (~> 0.3.23)
    activeresource (3.0.3)
      activemodel (= 3.0.3)
      activesupport (= 3.0.3)
    activesupport (3.0.3)
    acts-as-taggable-on (2.0.6)
    arel (2.0.7)
    builder (2.1.2)
    capistrano (2.5.19)
      highline
      net-scp (>= 1.0.0)
      net-sftp (>= 2.0.0)
      net-ssh (>= 2.0.14)
      net-ssh-gateway (>= 1.0.0)
    color (1.4.1)
    erubis (2.6.6)
      abstract (>= 1.0.0)
    highline (1.6.1)
    hoptoad_notifier (2.4.2)
      activesupport
      builder
    i18n (0.5.0)
    jrails (0.6.0)
    little-plugger (1.1.2)
    logging (1.4.3)
      little-plugger (>= 1.1.2)
    mail (2.2.14)
      activesupport (>= 2.3.6)
      i18n (>= 0.4.0)
      mime-types (~> 1.16)
      treetop (~> 1.4.8)
    mime-types (1.16)
    mysql2 (0.2.6)
    net-scp (1.0.4)
      net-ssh (>= 1.99.1)
    net-sftp (2.0.5)
      net-ssh (>= 2.0.9)
    net-ssh (2.1.0)
    net-ssh-gateway (1.0.1)
      net-ssh (>= 1.99.1)
    nokogiri (1.4.4)
    paperclip (2.3.8)
      activerecord
      activesupport
    pdf-reader (0.9.1)
      Ascii85 (>= 0.9)
    polyglot (0.3.1)
    rack (1.2.1)
    rack-mount (0.6.13)
      rack (>= 1.0.0)
    rack-test (0.5.7)
      rack (>= 1.0)
    rails (3.0.3)
      actionmailer (= 3.0.3)
      actionpack (= 3.0.3)
      activerecord (= 3.0.3)
      activeresource (= 3.0.3)
      activesupport (= 3.0.3)
      bundler (~> 1.0)
      railties (= 3.0.3)
    railties (3.0.3)
      actionpack (= 3.0.3)
      activesupport (= 3.0.3)
      rake (>= 0.8.7)
      thor (~> 0.14.4)
    rake (0.8.7)
    ruby-openid (2.1.8)
    sqlite3 (1.3.3)
    sqlite3-ruby (1.3.3)
      sqlite3 (>= 1.3.3)
    test-unit (2.1.2)
    thor (0.14.6)
    treetop (1.4.9)
      polyglot (>= 0.3.1)
    tzinfo (0.3.24)
    will_paginate (3.0.pre2)
    ziya (2.3.0)

PLATFORMS
  ruby

DEPENDENCIES
  aasm (= 2.2.0)
  acts-as-taggable-on
  builder
  capistrano
  color
  hoptoad_notifier
  jrails
  logging
  mysql2
  nokogiri
  paperclip
  prawn!
  prototype_legacy_helper (= 0.0.0)!
  rails (= 3.0.3)
  ruby-openid
  sqlite3-ruby
  test-unit
  will_paginate (>= 3.0.pre)
  ziya (>= 2.3.0)
